GEM
  remote: https://rubygems.org/
  specs:
    errand (0.7.3)
    gnuplot (2.4.1)
    haml (3.1.4)
    librrd (1.0.2)
    rack (1.4.1)
    rack-protection (1.2.0)
      rack
    sinatra (1.3.2)
      rack (~> 1.3, >= 1.3.6)
      rack-protection (~> 1.2)
      tilt (~> 1.3, >= 1.3.3)
    tilt (1.3.3)

PLATFORMS
  ruby

DEPENDENCIES
  errand
  gnuplot
  haml
  librrd
  sinatra
